GEM
  remote: https://rubygems.org/
  specs:
    pg (0.16.0)
    rake (10.1.0)
    sequel (4.2.0)

PLATFORMS
  ruby

DEPENDENCIES
  pg
  rake
  sequel
